PATH
  remote: .
  specs:
    openproject-proto_plugin (7.1.0)

GEM
  remote: https://rubygems.org/
  specs:

PLATFORMS
  ruby

DEPENDENCIES
  openproject-proto_plugin!

BUNDLED WITH
   2.1.4
